GEM
  remote: https://rubygems.org/
  specs:
    coderay (1.1.2)
    color (1.8)
    diff-lcs (1.3)
    gradient (0.5.1)
      color (~> 1.8)
      nokogiri (~> 1.6)
    method_source (0.9.0)
    nokogiri (1.8.4)
    open_uri_redirections (0.2.1)
    pry (0.11.3)
      coderay (~> 1.1.0)
      method_source (~> 0.9.0)
    rspec (3.7.0)
      rspec-core (~> 3.7.0)
      rspec-expectations (~> 3.7.0)
      rspec-mocks (~> 3.7.0)
    rspec-core (3.7.1)
      rspec-support (~> 3.7.0)
    rspec-expectations (3.7.0)
      diff-lcs (>= 1.2.0, < 2.0)
      rspec-support (~> 3.7.0)
    rspec-mocks (3.7.0)
      diff-lcs (>= 1.2.0, < 2.0)
      rspec-support (~> 3.7.0)
    rspec-support (3.7.1)
    webcache (0.3.0)
      open_uri_redirections (~> 0.2)

PLATFORMS
  ruby

DEPENDENCIES
  gradient
  pry
  rspec
  webcache

BUNDLED WITH
   1.16.1
